GEM
  remote: http://rubygems.org/
  specs:
    RubyInline (3.11.0)
      ZenTest (~> 4.3)
    ZenTest (4.4.1)
    diff-lcs (1.1.3)
    eventmachine (0.12.10)
    eventmachine_httpserver (0.2.1)
    httparty (0.8.1)
      multi_json
      multi_xml
    multi_json (1.0.4)
    multi_xml (0.4.1)
    rspec (2.7.0)
      rspec-core (~> 2.7.0)
      rspec-expectations (~> 2.7.0)
      rspec-mocks (~> 2.7.0)
    rspec-core (2.7.1)
    rspec-expectations (2.7.0)
      diff-lcs (~> 1.1.2)
    rspec-mocks (2.7.0)

PLATFORMS
  ruby

DEPENDENCIES
  RubyInline (~> 3.11)
  ZenTest (= 4.4.1)
  eventmachine (~> 0.12.10)
  eventmachine_httpserver (= 0.2.1)
  httparty (~> 0.8)
  multi_json (~> 1.0)
  rspec (~> 2.5)
